GEM
  remote: https://rubygems.org/
  specs:
    SassyCast (2.0.1)
    ffi (1.9.23)
    livingstyleguide (2.0.2)
      minisyntax (>= 0.2.5)
      redcarpet
      sass
      thor
      tilt
    minisyntax (0.2.5)
    rb-fsevent (0.10.3)
    rb-inotify (0.9.10)
      ffi (>= 0.5.0, < 2)
    redcarpet (3.4.0)
    sass (3.5.6)
      sass-listen (~> 4.0.0)
    sass-listen (4.0.0)
      rb-fsevent (~> 0.9, >= 0.9.4)
      rb-inotify (~> 0.9, >= 0.9.7)
    thor (0.20.0)
    tilt (2.0.8)

PLATFORMS
  ruby

DEPENDENCIES
  SassyCast
  livingstyleguide

BUNDLED WITH
   1.16.1
